GEM
  remote: http://rubygems.org/
  specs:
    chunky_png (1.2.7)
    compass (0.12.2)
      chunky_png (~> 1.2)
      fssm (>= 0.2.7)
      sass (~> 3.1)
    fssm (0.2.9)
    mina (0.3.0)
      open4
      rake
    open4 (1.3.0)
    rake (10.1.0)
    sass (3.2.1)
    sass-globbing (1.1.0)
      sass (>= 3.1)

PLATFORMS
  ruby

DEPENDENCIES
  compass
  mina
  rake
  sass-globbing
